GEM
  remote: https://rubygems.org/
  specs:
    puma (3.11.4)
    rack (2.0.5)
    sequel (5.9.0)
    slim (3.0.9)
      temple (>= 0.7.6, < 0.9)
      tilt (>= 1.3.3, < 2.1)
    sqlite3 (1.3.13)
    temple (0.8.0)
    tilt (2.0.8)

PLATFORMS
  ruby

DEPENDENCIES
  puma (~> 3.11)
  rack
  sequel
  slim
  sqlite3

RUBY VERSION
   ruby 2.5.1p57

BUNDLED WITH
   1.16.1
